REDIRECTS: ON
FRAMEWORK: NET46
NUGET
  remote: https://www.nuget.org/api/v2
    FSharp.Compiler.Service (1.3.1)
    QuotationCompiler (0.0.7-alpha)
      FSharp.Compiler.Service (>= 1.3.1)
